GEM
  specs:
    colorize (0.7.7)
    hirb (0.7.3)

PLATFORMS
  ruby

DEPENDENCIES
  colorize
  hirb

BUNDLED WITH
   1.12.5
