GEM
  specs:
    colorize (0.8.1)
    hirb (0.7.3)

PLATFORMS
  ruby

DEPENDENCIES
  colorize
  hirb

BUNDLED WITH
   1.13.6
