GEM
  specs:
    airbrussh (1.0.2)
      sshkit (>= 1.6.1, != 1.7.0)
    capistrano (3.5.0)
      airbrussh (>= 1.0.0)
      capistrano-harrow
      i18n
      rake (>= 10.0.0)
      sshkit (>= 1.9.0)
    capistrano-git-submodule-strategy (0.1.22)
      capistrano (~> 3.1)
    capistrano-harrow (0.5.1)
    capistrano-locally (0.2.1)
      capistrano (~> 3.0)
    colorize (0.7.7)
    hirb (0.7.3)
    i18n (0.7.0)
    net-scp (1.2.1)
      net-ssh (>= 2.6.5)
    net-ssh (3.0.2)
    rake (11.2.0)
    sshkit (1.10.0)
      net-scp (>= 1.1.2)
      net-ssh (>= 2.8.0)

PLATFORMS
  ruby

DEPENDENCIES
  capistrano
  capistrano-git-submodule-strategy
  capistrano-locally
  colorize
  hirb

BUNDLED WITH
   1.12.5
