GEM
  remote: http://rubygems.org/
  specs:
    colorize (0.5.8)
    noexec (0.0.3)

PLATFORMS
  ruby

DEPENDENCIES
  colorize
  noexec
